PATH
  remote: .
  specs:
    xmon (0.1.0)
      activesupport (~> 7.0.8)
      colorize
      dnsruby
      httparty
      ruby-nmap
      slop
      whois-parser

GEM
  remote: https://rubygems.org/
  specs:
    activesupport (7.0.8.1)
      concurrent-ruby (~> 1.0, >= 1.0.2)
      i18n (>= 1.6, < 2)
      minitest (>= 5.1)
      tzinfo (~> 2.0)
    ast (2.4.2)
    coderay (1.1.3)
    colorize (1.1.0)
    command_mapper (0.3.2)
    concurrent-ruby (1.2.3)
    dnsruby (1.70.0)
      simpleidn (~> 0.2.1)
    httparty (0.21.0)
      mini_mime (>= 1.0.0)
      multi_xml (>= 0.5.2)
    i18n (1.14.4)
      concurrent-ruby (~> 1.0)
    json (2.7.1)
    language_server-protocol (3.17.0.3)
    lint_roller (1.1.0)
    method_source (1.0.0)
    mini_mime (1.1.5)
    minitest (5.22.2)
    multi_xml (0.6.0)
    nokogiri (1.16.2-arm64-darwin)
      racc (~> 1.4)
    parallel (1.24.0)
    parser (3.3.0.5)
      ast (~> 2.4.1)
      racc
    pry (0.14.2)
      coderay (~> 1.1)
      method_source (~> 1.0)
    racc (1.7.3)
    rainbow (3.1.1)
    rake (13.1.0)
    regexp_parser (2.9.0)
    rexml (3.2.6)
    rubocop (1.62.0)
      json (~> 2.3)
      language_server-protocol (>= 3.17.0)
      parallel (~> 1.10)
      parser (>= 3.3.0.2)
      rainbow (>= 2.2.2, < 4.0)
      regexp_parser (>= 1.8, < 3.0)
      rexml (>= 3.2.5, < 4.0)
      rubocop-ast (>= 1.31.1, < 2.0)
      ruby-progressbar (~> 1.7)
      unicode-display_width (>= 2.4.0, < 3.0)
    rubocop-ast (1.31.2)
      parser (>= 3.3.0.4)
    rubocop-performance (1.20.2)
      rubocop (>= 1.48.1, < 2.0)
      rubocop-ast (>= 1.30.0, < 2.0)
    ruby-nmap (1.0.3)
      command_mapper (~> 0.3)
      nokogiri (~> 1.3)
    ruby-progressbar (1.13.0)
    simpleidn (0.2.1)
      unf (~> 0.1.4)
    slop (4.10.1)
    standard (1.34.0)
      language_server-protocol (~> 3.17.0.2)
      lint_roller (~> 1.0)
      rubocop (~> 1.60)
      standard-custom (~> 1.0.0)
      standard-performance (~> 1.3)
    standard-custom (1.0.2)
      lint_roller (~> 1.0)
      rubocop (~> 1.50)
    standard-performance (1.3.1)
      lint_roller (~> 1.1)
      rubocop-performance (~> 1.20.2)
    tzinfo (2.0.6)
      concurrent-ruby (~> 1.0)
    unf (0.1.4)
      unf_ext
    unf_ext (0.0.9.1)
    unicode-display_width (2.5.0)
    whois (5.1.1)
    whois-parser (2.0.0)
      activesupport (>= 4)
      whois (>= 4.1.0)

PLATFORMS
  arm64-darwin-22

DEPENDENCIES
  pry
  rake (~> 13.0)
  standard (~> 1.3)
  xmon!

BUNDLED WITH
   2.4.22
